GEM
  remote: https://rubygems.org/
  specs:
    addressable (2.8.7)
      public_suffix (>= 2.0.2, < 7.0)
    baran (0.1.12)
    coderay (1.1.3)
    dotenv (3.1.4)
    front_matter_parser (1.0.1)
    json-schema (4.3.1)
      addressable (>= 2.8)
    langchainrb (0.18.0)
      baran (~> 0.1.9)
      json-schema (~> 4)
      matrix
      pragmatic_segmenter (~> 0.3.0)
      zeitwerk (~> 2.5)
    matrix (0.4.2)
    method_source (1.1.0)
    pragmatic_segmenter (0.3.24)
    pry (0.14.2)
      coderay (~> 1.1)
      method_source (~> 1.0)
    public_suffix (6.0.1)
    rainbow (3.1.1)
    zeitwerk (2.7.1)

PLATFORMS
  arm64-darwin-23
  ruby

DEPENDENCIES
  dotenv
  front_matter_parser
  langchainrb
  pry
  rainbow

BUNDLED WITH
   2.5.15
