GEM
  remote: https://rubygems.org/
  specs:
    addressable (2.8.7)
      public_suffix (>= 2.0.2, < 7.0)
    baran (0.1.12)
    json-schema (4.3.1)
      addressable (>= 2.8)
    langchainrb (0.18.0)
      baran (~> 0.1.9)
      json-schema (~> 4)
      matrix
      pragmatic_segmenter (~> 0.3.0)
      zeitwerk (~> 2.5)
    matrix (0.4.2)
    pragmatic_segmenter (0.3.24)
    public_suffix (6.0.1)
    rainbow (3.1.1)
    zeitwerk (2.7.1)

PLATFORMS
  arm64-darwin-23
  ruby

DEPENDENCIES
  langchainrb
  rainbow

BUNDLED WITH
   2.5.15
